PATH
  remote: .
  specs:
    feedigest (0.0.1)
      feedjira (~> 2.1)
      mail (~> 2.7)
      nokogiri (~> 1.8)
      reverse_markdown (~> 1.1)

GEM
  remote: https://rubygems.org/
  specs:
    crass (1.0.4)
    dotenv (2.4.0)
    faraday (0.15.2)
      multipart-post (>= 1.2, < 3)
    faraday_middleware (0.12.2)
      faraday (>= 0.7.4, < 1.0)
    feedjira (2.1.4)
      faraday (>= 0.9)
      faraday_middleware (>= 0.9)
      loofah (>= 2.0)
      sax-machine (>= 1.0)
    loofah (2.2.2)
      crass (~> 1.0.2)
      nokogiri (>= 1.5.9)
    mail (2.7.0)
      mini_mime (>= 0.1.1)
    mini_mime (1.0.0)
    mini_portile2 (2.3.0)
    multipart-post (2.0.0)
    nokogiri (1.8.2)
      mini_portile2 (~> 2.3.0)
    reverse_markdown (1.1.0)
      nokogiri
    sax-machine (1.3.2)

PLATFORMS
  ruby

DEPENDENCIES
  dotenv (~> 2.4)
  feedigest!

BUNDLED WITH
   1.16.2
